PATH
  remote: .
  specs:
    mighty_associations (0.1.0)
      activerecord (>= 4.0.13, < 5)

GEM
  remote: https://rubygems.org/
  specs:
    activemodel (4.2.6)
      activesupport (= 4.2.6)
      builder (~> 3.1)
    activerecord (4.2.6)
      activemodel (= 4.2.6)
      activesupport (= 4.2.6)
      arel (~> 6.0)
    activesupport (4.2.6)
      i18n (~> 0.7)
      json (~> 1.7, >= 1.7.7)
      minitest (~> 5.1)
      thread_safe (~> 0.3, >= 0.3.4)
      tzinfo (~> 1.1)
    appraisal (2.1.0)
      bundler
      rake
      thor (>= 0.14.0)
    arel (6.0.3)
    builder (3.2.2)
    byebug (9.0.5)
    i18n (0.7.0)
    json (1.8.3)
    minitest (5.9.0)
    rake (10.0.3)
    sqlite3 (1.3.6)
    thor (0.19.1)
    thread_safe (0.3.5)
    tzinfo (1.2.2)
      thread_safe (~> 0.1)

PLATFORMS
  ruby

DEPENDENCIES
  appraisal
  byebug
  mighty_associations!
  minitest
  rake
  sqlite3

BUNDLED WITH
   1.11.2
