PATH
  remote: .
  specs:
    mighty_associations (0.1.0)
      activerecord (>= 3.1.0, < 8.0.0)

GEM
  remote: https://rubygems.org/
  specs:
    activemodel (7.0.4.1)
      activesupport (= 7.0.4.1)
    activerecord (7.0.4.1)
      activemodel (= 7.0.4.1)
      activesupport (= 7.0.4.1)
    activesupport (7.0.4.1)
      concurrent-ruby (~> 1.0, >= 1.0.2)
      i18n (>= 1.6, < 2)
      minitest (>= 5.1)
      tzinfo (~> 2.0)
    columnize (0.9.0)
    concurrent-ruby (1.1.10)
    debugger (1.6.8)
      columnize (>= 0.3.1)
      debugger-linecache (~> 1.2.0)
      debugger-ruby_core_source (~> 1.3.5)
    debugger-linecache (1.2.0)
    debugger-ruby_core_source (1.3.8)
    i18n (1.12.0)
      concurrent-ruby (~> 1.0)
    json (2.5.1)
    linecache (1.3.1)
    minitest (5.17.0)
    rake (13.0.3)
    rdoc (5.1.0)
    ruby-debug (0.10.4)
      columnize (>= 0.1)
      ruby-debug-base (~> 0.10.4.0)
    ruby-debug-base (0.10.4)
      linecache (>= 0.3)
    sqlite3 (1.4.2)
    tzinfo (2.0.5)
      concurrent-ruby (~> 1.0)

PLATFORMS
  ruby

DEPENDENCIES
  debugger
  json (>= 2.3.0)
  mighty_associations!
  rake
  rdoc (= 5.1.0)
  ruby-debug
  sqlite3

BUNDLED WITH
   1.17.2
