PATH
  remote: .
  specs:
    mighty_associations (0.1.0)
      activerecord (>= 3.1.0, < 4.0.0)

GEM
  remote: https://rubygems.org/
  specs:
    activemodel (3.2.22.5)
      activesupport (= 3.2.22.5)
      builder (~> 3.0.0)
    activerecord (3.2.22.5)
      activemodel (= 3.2.22.5)
      activesupport (= 3.2.22.5)
      arel (~> 3.0.2)
      tzinfo (~> 0.3.29)
    activesupport (3.2.22.5)
      i18n (~> 0.6, >= 0.6.4)
      multi_json (~> 1.0)
    arel (3.0.3)
    builder (3.0.4)
    columnize (0.9.0)
    concurrent-ruby (1.1.7)
    debugger (1.6.8)
      columnize (>= 0.3.1)
      debugger-linecache (~> 1.2.0)
      debugger-ruby_core_source (~> 1.3.5)
    debugger-linecache (1.2.0)
    debugger-ruby_core_source (1.3.8)
    i18n (0.9.5)
      concurrent-ruby (~> 1.0)
    json (2.5.1)
    linecache (1.3.1)
    multi_json (1.15.0)
    rake (13.0.3)
    rdoc (6.3.2)
    ruby-debug (0.10.4)
      columnize (>= 0.1)
      ruby-debug-base (~> 0.10.4.0)
    ruby-debug-base (0.10.4)
      linecache (>= 0.3)
    sqlite3 (1.4.2)
    tzinfo (0.3.59)

PLATFORMS
  ruby

DEPENDENCIES
  debugger
  json (>= 2.3.0)
  mighty_associations!
  rake
  rdoc (= 6.3.2)
  ruby-debug
  sqlite3

BUNDLED WITH
   1.17.2
